PATH
  remote: .
  specs:
    tamale (0.1.0)

GEM
  remote: https://rubygems.org/
  specs:

PLATFORMS
  ruby

DEPENDENCIES
  tamale!

BUNDLED WITH
   1.14.6
